GEM
  remote: https://rubygems.org/
  specs:
    coderay (1.0.9)
    icalendar (1.4.3)
    method_source (0.8.2)
    pry (0.9.12.2)
      coderay (~> 1.0.5)
      method_source (~> 0.8)
      slop (~> 3.4)
    rugged (0.19.0)
    slop (3.4.6)

PLATFORMS
  ruby

DEPENDENCIES
  icalendar
  pry
  rugged
